GEM
  remote: https://rubygems.org/
  specs:
    base64 (0.2.0)
    benchmark (0.4.0)
    connection_pool (2.5.0)
    daemons (1.4.1)
    dotenv (2.8.1)
    eventmachine (1.2.7)
    faraday (2.8.1)
      base64
      faraday-net_http (>= 2.0, < 3.1)
      ruby2_keywords (>= 0.0.4)
    faraday-net_http (3.0.2)
    httparty (0.21.0)
      mini_mime (>= 1.0.0)
      multi_xml (>= 0.5.2)
    jwt (2.10.1)
      base64
    mini_mime (1.1.5)
    mini_portile2 (2.8.8)
    multi_xml (0.6.0)
    mustermann (3.0.3)
      ruby2_keywords (~> 0.0.1)
    nokogiri (1.13.10)
      mini_portile2 (~> 2.8.0)
      racc (~> 1.4)
    ostruct (0.6.1)
    racc (1.8.1)
    rack (2.2.11)
    rack-protection (3.2.0)
      base64 (>= 0.1.0)
      rack (~> 2.2, >= 2.2.4)
    redis (5.4.0)
      redis-client (>= 0.22.0)
    redis-client (0.23.2)
      connection_pool
    ruby2_keywords (0.0.5)
    sinatra (3.2.0)
      mustermann (~> 3.0)
      rack (~> 2.2, >= 2.2.4)
      rack-protection (= 3.2.0)
      tilt (~> 2.0)
    thin (1.8.2)
      daemons (~> 1.0, >= 1.0.9)
      eventmachine (~> 1.0, >= 1.0.4)
      rack (>= 1, < 3)
    tilt (2.6.0)
    twilio-ruby (7.4.5)
      benchmark
      faraday (>= 0.9, < 3.0)
      jwt (>= 1.5, < 3.0)
      nokogiri (>= 1.6, < 2.0)
      ostruct

PLATFORMS
  ruby

DEPENDENCIES
  dotenv
  httparty
  redis
  sinatra
  thin
  twilio-ruby

BUNDLED WITH
   1.17.2
